GEM
  remote: http://rubygems.org/
  specs:
    serialport (1.1.0)

PLATFORMS
  ruby

DEPENDENCIES
  serialport
